GEM
  remote: https://rubygems.org/
  specs:
    erubi (1.13.0)
    minitest (5.25.2)
    mocha (2.6.0)
      ruby2_keywords (>= 0.0.5)
    netrc (0.11.0)
    parallel (1.26.3)
    prism (1.2.0)
    rake (13.2.1)
    rbi (0.2.1)
      prism (~> 1.0)
      sorbet-runtime (>= 0.5.9204)
    ruby2_keywords (0.0.5)
    sorbet (0.5.11663)
      sorbet-static (= 0.5.11663)
    sorbet-runtime (0.5.11663)
    sorbet-static (0.5.11663-aarch64-linux)
    sorbet-static (0.5.11663-universal-darwin)
    sorbet-static (0.5.11663-x86_64-linux)
    sorbet-static-and-runtime (0.5.11663)
      sorbet (= 0.5.11663)
      sorbet-runtime (= 0.5.11663)
    spoom (1.5.0)
      erubi (>= 1.10.0)
      prism (>= 0.28.0)
      sorbet-static-and-runtime (>= 0.5.10187)
      thor (>= 0.19.2)
    tapioca (0.16.4)
      bundler (>= 2.2.25)
      netrc (>= 0.11.0)
      parallel (>= 1.21.0)
      rbi (~> 0.2)
      sorbet-static-and-runtime (>= 0.5.11087)
      spoom (>= 1.2.0)
      thor (>= 1.2.0)
      yard-sorbet
    thor (1.3.2)
    yard (0.9.37)
    yard-sorbet (0.9.0)
      sorbet-runtime
      yard

PLATFORMS
  aarch64-linux
  universal-darwin
  x86_64-linux

DEPENDENCIES
  minitest (~> 5.25, >= 5.25.1)
  mocha (~> 2.6.0)
  rake (~> 13.2.1)
  sorbet (~> 0.5.11663)
  sorbet-runtime (~> 0.5.11663)
  tapioca (~> 0.16.4)

BUNDLED WITH
   2.5.6
