GEM
  remote: https://rubygems.org/
  specs:
    minitest (5.25.1)

PLATFORMS
  ruby
  x86_64-darwin-23

DEPENDENCIES
  minitest (~> 5.25, >= 5.25.1)

BUNDLED WITH
   2.5.6
